GEM
  remote: http://rubygems.org/
  specs:
    jruby-jars (1.7.3)
    jruby-rack (1.1.13.1)
    json (1.5.0-java)
    json-jruby (1.5.0-java)
      json (= 1.5.0)
    rack (1.5.2)
    rack-protection (1.3.2)
      rack
    rake (10.0.3)
    rubyzip (0.9.9)
    sinatra (1.3.4)
      rack (~> 1.4)
      rack-protection (~> 1.3)
      tilt (~> 1.3, >= 1.3.3)
    sinatra-cross_origin (0.2.0)
    tilt (1.3.3)
    warbler (1.3.6)
      jruby-jars (>= 1.4.0)
      jruby-rack (>= 1.0.0)
      rake (>= 0.8.7)
      rubyzip (>= 0.9.4)

PLATFORMS
  java
  ruby

DEPENDENCIES
  json-jruby
  sinatra
  sinatra-cross_origin
  warbler
